PATH
  remote: .
  specs:
    push_package (0.0.3)
      rubyzip (~> 1.1.0)

GEM
  remote: https://rubygems.org/
  specs:
    coderay (1.0.9)
    method_source (0.8.2)
    minitest (4.7.0)
    pry (0.9.12.2)
      coderay (~> 1.0.5)
      method_source (~> 0.8)
      slop (~> 3.4)
    rake (10.0.3)
    rubyzip (1.1.0)
    slop (3.4.6)

PLATFORMS
  ruby

DEPENDENCIES
  minitest (~> 4.7.0)
  pry
  push_package!
  rake (~> 10.0.3)
